GEM
  remote: https://rubygems.org/
  specs:
    chronic (0.10.2)
    whenever (1.0.0)
      chronic (>= 0.6.3)

PLATFORMS
  x86_64-linux

DEPENDENCIES
  whenever

BUNDLED WITH
   2.4.7
